GEM
  remote: https://rubygems.org/
  specs:
    RubySunrise (0.3.1)
      tzinfo
    ffi (1.9.6)
    new_time (0.0.4)
      RubySunrise (~> 0)
    pi_piper (1.3.2)
      ffi
    thread_safe (0.3.4)
    tzinfo (1.2.2)
      thread_safe (~> 0.1)

PLATFORMS
  ruby

DEPENDENCIES
  new_time
  pi_piper
